GIT
  remote: git@github.com:sinatra/sinatra.git
  revision: be9c18ac44214069f4709ced6da65abba9501d24
  specs:
    sinatra (1.4.5)
      rack (~> 1.4)
      rack-protection (~> 1.4)
      tilt (>= 1.3, < 3)

GEM
  remote: https://rubygems.org/
  specs:
    faraday (0.9.1)
      multipart-post (>= 1.2, < 3)
    multipart-post (2.0.0)
    rack (1.6.0)
    rack-protection (1.5.3)
      rack
    tilt (2.0.1)

PLATFORMS
  ruby

DEPENDENCIES
  faraday
  sinatra!
